NUGET
  remote: https://www.nuget.org/api/v2
    NuGet.CommandLine (2.8.6)
    Pester (4.0.8)
    Unic.Bob.Keith (2.0.2)
    Unic.Bob.Wendy (3.0)
