NUGET
  remote: https://nuget.org/api/v2
  specs:
    NuGet.CommandLine (2.8.6)
    Pester (4.0.8)
    Unic.Bob.Wendy (3.0.0)
    Unic.Bob.Keith (2.0.0)
