NUGET
  remote: https://nuget.org/api/v2
  specs:
    NuGet.CommandLine (2.8.5)
    Pester (3.3.8)
  remote: https://teamcity.unic.com/httpAuth/app/nuget/v1/FeedService.svc
  specs:
    Unic.Bob.Config (1.0.0)
    Unic.Bob.Keith (1.1.0)
